GEM
  remote: http://rubygems.org/
  specs:
    faraday (0.8.1)
      multipart-post (~> 1.1)
    faraday_middleware (0.8.7)
      faraday (< 0.9, >= 0.7.4)
    hashie (1.2.0)
    instapaper (0.2.1)
      faraday_middleware (~> 0.7)
      multi_json (~> 1.0.3)
      rash (~> 0.3)
      simple_oauth (~> 0.1)
    multi_json (1.0.4)
    multipart-post (1.1.5)
    rack (1.4.1)
    rack-protection (1.2.0)
      rack
    rash (0.3.2)
      hashie (~> 1.2.0)
    shotgun (0.9)
      rack (>= 1.0)
    simple_oauth (0.1.8)
    sinatra (1.3.2)
      rack (>= 1.3.6, ~> 1.3)
      rack-protection (~> 1.2)
      tilt (>= 1.3.3, ~> 1.3)
    tilt (1.3.3)

PLATFORMS
  ruby

DEPENDENCIES
  instapaper
  shotgun
  sinatra
